GEM
  remote: https://rubygems.org/
  specs:
    colorize (0.8.1)
    net-ssh (5.1.0)
    parallel (1.12.1)

PLATFORMS
  ruby

DEPENDENCIES
  colorize
  net-ssh
  parallel

BUNDLED WITH
   2.0.1
